GEM
  remote: http://rubygems.org/
  specs:
    activesupport (4.0.2)
      i18n (~> 0.6, >= 0.6.4)
      minitest (~> 4.2)
      multi_json (~> 1.3)
      thread_safe (~> 0.1)
      tzinfo (~> 0.3.37)
    andand (1.3.3)
    atomic (1.1.14)
    awesome_print (1.2.0)
    aws-sdk (1.33.0)
      json (~> 1.4)
      nokogiri (>= 1.4.4)
      uuidtools (~> 2.1)
    colorize (0.6.0)
    erubis (2.7.0)
    i18n (0.6.9)
    json (1.8.1)
    mini_portile (0.5.2)
    minitest (4.7.5)
    multi_json (1.8.4)
    nokogiri (1.6.1)
      mini_portile (~> 0.5.0)
    shell-spinner (1.0.4)
      colorize
    subcommand (1.0.6)
    thread_safe (0.1.3)
      atomic
    tzinfo (0.3.38)
    uuidtools (2.1.4)

PLATFORMS
  ruby

DEPENDENCIES
  activesupport
  andand
  awesome_print
  aws-sdk
  colorize
  erubis
  shell-spinner
  subcommand
